GEM
  remote: https://rubygems.org/
  specs:
    ast (2.4.2)
    diff-lcs (1.5.0)
    excon (0.99.0)
    netrc (0.11.0)
    nokogiri (1.15.1-x86_64-darwin)
      racc (~> 1.4)
    parallel (1.23.0)
    parser (3.2.2.1)
      ast (~> 2.4.1)
    racc (1.6.2)
    rbi (0.0.16)
      ast
      parser (>= 2.6.4.0)
      sorbet-runtime (>= 0.5.9204)
      unparser
    sorbet (0.5.10837)
      sorbet-static (= 0.5.10837)
    sorbet-runtime (0.5.10837)
    sorbet-static (0.5.10837-universal-darwin-21)
    sorbet-static-and-runtime (0.5.10837)
      sorbet (= 0.5.10837)
      sorbet-runtime (= 0.5.10837)
    spoom (1.2.1)
      sorbet (>= 0.5.10187)
      sorbet-runtime (>= 0.5.9204)
      thor (>= 0.19.2)
    tapioca (0.11.6)
      bundler (>= 2.2.25)
      netrc (>= 0.11.0)
      parallel (>= 1.21.0)
      rbi (~> 0.0.0, >= 0.0.16)
      sorbet-static-and-runtime (>= 0.5.10187)
      spoom (~> 1.2.0, >= 1.2.0)
      thor (>= 1.2.0)
      yard-sorbet
    thor (1.2.2)
    unparser (0.6.7)
      diff-lcs (~> 1.3)
      parser (>= 3.2.0)
    yard (0.9.34)
    yard-sorbet (0.8.1)
      sorbet-runtime (>= 0.5)
      yard (>= 0.9)
    zlib (3.0.0)

PLATFORMS
  x86_64-darwin-21

DEPENDENCIES
  excon
  nokogiri
  sorbet
  sorbet-runtime
  tapioca
  zlib

BUNDLED WITH
   2.4.10
